GEM
  remote: https://rubygems.org/
  specs:
    dotenv (2.7.5)
    rugged (0.28.3.1)

PLATFORMS
  ruby

DEPENDENCIES
  dotenv
  rugged

BUNDLED WITH
   2.0.2
