GEM
  remote: https://rubygems.org/
  specs:
    rugged (0.28.3.1)

PLATFORMS
  ruby

DEPENDENCIES
  rugged

BUNDLED WITH
   2.0.2
